PATH
  remote: .
  specs:
    sb-omniauth-kakao (0.1.0)
      jwt (>= 2.10)
      oauth2 (~> 2.0)
      omniauth (~> 2.1)
      omniauth-oauth2 (~> 1.8)

GEM
  remote: https://rubygems.org/
  specs:
    ast (2.4.2)
    base64 (0.2.0)
    bigdecimal (3.1.9)
    coderay (1.1.3)
    diff-lcs (1.5.1)
    faraday (2.12.2)
      faraday-net_http (>= 2.0, < 3.5)
      json
      logger
    faraday-net_http (3.4.0)
      net-http (>= 0.5.0)
    ffi (1.17.1)
    ffi (1.17.1-x86_64-linux-gnu)
    formatador (1.1.0)
    growl (1.0.3)
    guard (2.19.1)
      formatador (>= 0.2.4)
      listen (>= 2.7, < 4.0)
      logger (~> 1.6)
      lumberjack (>= 1.0.12, < 2.0)
      nenv (~> 0.1)
      notiffany (~> 0.0)
      ostruct (~> 0.6)
      pry (>= 0.13.0)
      shellany (~> 0.0)
      thor (>= 0.18.1)
    guard-bundler (3.0.1)
      bundler (>= 2.1, < 3)
      guard (~> 2.2)
      guard-compat (~> 1.1)
    guard-compat (1.2.1)
    guard-rspec (4.7.3)
      guard (~> 2.1)
      guard-compat (~> 1.1)
      rspec (>= 2.99.0, < 4.0)
    hashie (5.0.0)
    json (2.9.1)
    jwt (2.10.1)
      base64
    language_server-protocol (3.17.0.3)
    listen (3.9.0)
      rb-fsevent (~> 0.10, >= 0.10.3)
      rb-inotify (~> 0.9, >= 0.9.10)
    logger (1.6.4)
    lumberjack (1.2.10)
    method_source (1.1.0)
    multi_xml (0.7.1)
      bigdecimal (~> 3.1)
    nenv (0.3.0)
    net-http (0.6.0)
      uri
    notiffany (0.1.3)
      nenv (~> 0.1)
      shellany (~> 0.0)
    oauth2 (2.0.9)
      faraday (>= 0.17.3, < 3.0)
      jwt (>= 1.0, < 3.0)
      multi_xml (~> 0.5)
      rack (>= 1.2, < 4)
      snaky_hash (~> 2.0)
      version_gem (~> 1.1)
    omniauth (2.1.2)
      hashie (>= 3.4.6)
      rack (>= 2.2.3)
      rack-protection
    omniauth-oauth2 (1.8.0)
      oauth2 (>= 1.4, < 3)
      omniauth (~> 2.0)
    ostruct (0.6.1)
    parallel (1.26.3)
    parser (3.3.6.0)
      ast (~> 2.4.1)
      racc
    pry (0.15.2)
      coderay (~> 1.1)
      method_source (~> 1.0)
    racc (1.8.1)
    rack (3.1.8)
    rack-protection (4.1.1)
      base64 (>= 0.1.0)
      logger (>= 1.6.0)
      rack (>= 3.0.0, < 4)
    rainbow (3.1.1)
    rake (13.2.1)
    rb-fsevent (0.11.2)
    rb-inotify (0.11.1)
      ffi (~> 1.0)
    regexp_parser (2.10.0)
    rspec (3.13.0)
      rspec-core (~> 3.13.0)
      rspec-expectations (~> 3.13.0)
      rspec-mocks (~> 3.13.0)
    rspec-core (3.13.2)
      rspec-support (~> 3.13.0)
    rspec-expectations (3.13.3)
      diff-lcs (>= 1.2.0, < 2.0)
      rspec-support (~> 3.13.0)
    rspec-its (1.3.1)
      rspec-core (>= 3.0.0)
      rspec-expectations (>= 3.0.0)
    rspec-mocks (3.13.2)
      diff-lcs (>= 1.2.0, < 2.0)
      rspec-support (~> 3.13.0)
    rspec-support (3.13.2)
    rubocop (1.69.2)
      json (~> 2.3)
      language_server-protocol (>= 3.17.0)
      parallel (~> 1.10)
      parser (>= 3.3.0.2)
      rainbow (>= 2.2.2, < 4.0)
      regexp_parser (>= 2.9.3, < 3.0)
      rubocop-ast (>= 1.36.2, < 2.0)
      ruby-progressbar (~> 1.7)
      unicode-display_width (>= 2.4.0, < 4.0)
    rubocop-ast (1.37.0)
      parser (>= 3.3.1.0)
    ruby-progressbar (1.13.0)
    shellany (0.0.1)
    snaky_hash (2.0.1)
      hashie
      version_gem (~> 1.1, >= 1.1.1)
    thor (1.3.2)
    unicode-display_width (3.1.3)
      unicode-emoji (~> 4.0, >= 4.0.4)
    unicode-emoji (4.0.4)
    uri (1.0.2)
    version_gem (1.1.4)

PLATFORMS
  ruby
  x86_64-linux

DEPENDENCIES
  growl
  guard
  guard-bundler
  guard-rspec
  rake
  rb-fsevent
  rspec (~> 3.0)
  rspec-its (~> 1.0)
  rubocop (~> 1.21)
  sb-omniauth-kakao!

BUNDLED WITH
   2.6.1
